GEM
  remote: https://rubygems.org/
  specs:
    activesupport (6.0.3.1)
      concurrent-ruby (~> 1.0, >= 1.0.2)
      i18n (>= 0.7, < 2)
      minitest (~> 5.1)
      tzinfo (~> 1.1)
      zeitwerk (~> 2.2, >= 2.2.2)
    base62-rb (0.3.1)
    colored2 (3.1.2)
    concurrent-ruby (1.1.6)
    connection_pool (2.2.2)
    hashie (4.1.0)
    hiredis (0.6.3)
    i18n (1.8.2)
      concurrent-ruby (~> 1.0)
    minitest (5.14.1)
    redis (4.1.4)
    simple-feed (3.0.0)
      activesupport
      base62-rb
      colored2
      connection_pool (~> 2)
      hashie
      hiredis
      redis
    thread_safe (0.3.6)
    tzinfo (1.2.7)
      thread_safe (~> 0.1)
    zeitwerk (2.3.0)

PLATFORMS
  ruby

DEPENDENCIES
  activesupport (= 6.0.3.1)
  simple-feed (= 3.0.0)

BUNDLED WITH
   2.1.4
