GIT
  remote: https://github.com/Fantaz1/rails-backbone-moment.git
  revision: 3c881e9841473c450599b91b642fc6ba7e5dece1
  specs:
    rails_backbone_moment (0.1.0)

GIT
  remote: https://github.com/Fantaz1/rails-backbone-relation.git
  revision: ec3ef8c7158b088d2732633a8578c39b48fe1e5a
  specs:
    rails_backbone_relation (0.1.0)

GIT
  remote: https://github.com/bluurn/birthday
  revision: 22a8cb958d4a1aa8d5929a00c0e661d4b9451d08
  specs:
    birthday (0.3.1)
      activerecord
      activesupport

GIT
  remote: https://github.com/davidy/event_calendar.git
  revision: 3060338f7187668cbf228e434201cbda063e401f
  specs:
    event-calendar (2.3.3)

GIT
  remote: https://github.com/jejacks0n/apitome
  revision: 82fee54e79411844063897dae66e079738d07ff0
  ref: 82fee54e79411844063897dae66e079738d07ff0
  specs:
    apitome (0.1.0)
      kramdown
      railties

GIT
  remote: https://github.com/jordanfbrown/facebook-account-kit
  revision: 832acf6ec79e925af41df55f591ab748ca770142
  specs:
    facebook-account-kit (1.0.0)

GIT
  remote: https://github.com/jordanfbrown/grape-swagger
  revision: f187a524d84cfa870ecb2e7d8926c20b9a58655b
  branch: custom-route-tags
  specs:
    grape-swagger (0.24.0)
      grape (>= 0.12.0)

GIT
  remote: https://github.com/jordanfbrown/sms-spec.git
  revision: 89e4e0b66b7abb440370aa7024a739a697deb445
  branch: fix-gemspec
  specs:
    sms-spec (0.1.6)
      rspec

GIT
  remote: https://github.com/lyang/braintree-rails.git
  revision: 7dbe3eac3549e25d0d602747a435832528b31ccf
  specs:
    braintree-rails (1.4.1)
      activemodel (>= 3.0, < 5.1)
      activesupport (>= 3.0, < 5.1)
      braintree (>= 2.28.0, < 3)

GIT
  remote: https://github.com/moaa/websocket-rails
  revision: cf5d59b671c5b72caa7d3de91444063152ac6bb1
  branch: sync_fixes
  specs:
    websocket-rails (0.7.0)
      connection_pool
      em-synchrony
      faye-websocket
      hiredis
      rack
      rails
      redis
      redis-objects
      thin

GIT
  remote: https://github.com/phatworx/devise_security_extension.git
  revision: b2ee978af7d49f0fb0e7271c6ac074dfb4d39353
  specs:
    devise_security_extension (0.10.0)
      devise (>= 3.0.0, < 5.0)
      railties (>= 3.2.6, < 6.0)

GIT
  remote: https://github.com/pioneerworks/omniauth-square.git
  revision: 90567fe3ee86fb7eb40bdfc6aec8defb895dd231
  specs:
    omniauth-square (1.0.5)
      omniauth-oauth2 (>= 1.2.0)

GIT
  remote: https://github.com/ruckus/quickbooks-ruby
  revision: 9f04296f6a64ab118ff5b0c7fd61cdd033e60e44
  specs:
    quickbooks-ruby (0.6.1)
      activemodel
      multipart-post
      nokogiri
      oauth (= 0.4.7)
      roxml (>= 3.3.1, < 4.1)

GIT
  remote: https://github.com/swanandp/acts_as_list.git
  revision: 84f742a90e8c4bb54351a956cf7fa474895e28d9
  specs:
    acts_as_list (0.9.5)
      activerecord (>= 3.0)

GIT
  remote: https://github.com/tjchambers/state_machines-activerecord.git
  revision: 7f8f43fa9313b65b761276f8d451e988a02f9579
  specs:
    state_machines-activerecord (0.5.1)
      activerecord (>= 4.1, < 6.0)
      state_machines-activemodel (>= 0.5.0)

GIT
  remote: https://github.com/zevgeniy/keeper.git
  revision: 004d3990c718c6361084d29b0dfc9f551606c750
  specs:
    keeper (0.2.1)
      activesupport (>= 4.2.10)

PATH
  remote: lib/pos/pos-breadcrumb
  specs:
    pos-breadcrumb (0.0.1)

PATH
  remote: lib/pos/pos-carbon
  specs:
    pos-carbon (0.0.1)

PATH
  remote: lib/pos/pos-clover
  specs:
    pos-clover (0.3.6)

PATH
  remote: lib/pos/pos-lightspeed-restaurant
  specs:
    pos-lightspeed-restaurant (0.0.1)

PATH
  remote: lib/pos/pos-lightspeed-retail
  specs:
    pos-lightspeed-retail (0.0.1)

PATH
  remote: lib/pos/pos-pay-anywhere
  specs:
    pos-pay-anywhere (0.0.1)

PATH
  remote: lib/pos/pos-poynt
  specs:
    pos-poynt (0.0.1)

PATH
  remote: lib/pos/pos-revel
  specs:
    pos-revel (0.1.2)

PATH
  remote: lib/pos/pos-square
  specs:
    pos-square (0.3.36)

PATH
  remote: lib/pos/pos-talech
  specs:
    pos-talech (0.0.1)

PATH
  remote: lib/pos/pos-toast
  specs:
    pos-toast (0.0.1)

PATH
  remote: lib/pos/pos
  specs:
    pos (0.3.16)
      activesupport (< 6.0)
      faraday (>= 0.9.0)
      json (>= 1.8.1)
      typhoeus

PATH
  remote: vendor/gems/sidekiq-pro-4.0.3
  specs:
    sidekiq-pro (4.0.3)

GEM
  remote: https://rubygems.org/
  specs:
    Ascii85 (1.0.3)
    actioncable (5.0.7)
      actionpack (= 5.0.7)
      nio4r (>= 1.2, < 3.0)
      websocket-driver (~> 0.6.1)
    actionmailer (5.0.7)
      actionpack (= 5.0.7)
      actionview (= 5.0.7)
      activejob (= 5.0.7)
      mail (~> 2.5, >= 2.5.4)
      rails-dom-testing (~> 2.0)
    actionpack (5.0.7)
      actionview (= 5.0.7)
      activesupport (= 5.0.7)
      rack (~> 2.0)
      rack-test (~> 0.6.3)
      rails-dom-testing (~> 2.0)
      rails-html-sanitizer (~> 1.0, >= 1.0.2)
    actionpack-action_caching (1.2.0)
      actionpack (>= 4.0.0, < 6)
    actionview (5.0.7)
      activesupport (= 5.0.7)
      builder (~> 3.1)
      erubis (~> 2.7.0)
      rails-dom-testing (~> 2.0)
      rails-html-sanitizer (~> 1.0, >= 1.0.3)
    active_record_query_trace (1.5.4)
    activeadmin (1.0.0)
      arbre (>= 1.1.1)
      bourbon
      coffee-rails
      formtastic (~> 3.1)
      formtastic_i18n
      inherited_resources (~> 1.7)
      jquery-rails
      jquery-ui-rails
      kaminari (>= 0.15, < 2.0)
      railties (>= 4.2, < 5.2)
      ransack (~> 1.3)
      sass-rails
      sprockets (< 4.1)
    activejob (5.0.7)
      activesupport (= 5.0.7)
      globalid (>= 0.3.6)
    activemodel (5.0.7)
      activesupport (= 5.0.7)
    activemodel-serializers-xml (1.0.2)
      activemodel (> 5.x)
      activesupport (> 5.x)
      builder (~> 3.1)
    activerecord (5.0.7)
      activemodel (= 5.0.7)
      activesupport (= 5.0.7)
      arel (~> 7.0)
    activesupport (5.0.7)
      concurrent-ruby (~> 1.0, >= 1.0.2)
      i18n (>= 0.7, < 2)
      minitest (~> 5.1)
      tzinfo (~> 1.1)
    acts_as_commentable_with_threading (2.0.1)
      activerecord (>= 4.0)
      activesupport (>= 4.0)
      awesome_nested_set (>= 3.0)
    addressable (2.5.2)
      public_suffix (>= 2.0.2, < 4.0)
    adp-connection (0.1.4)
      json (~> 1.8)
    aes_key_wrap (1.0.1)
    afm (0.2.2)
    airbrussh (1.3.0)
      sshkit (>= 1.6.1, != 1.7.0)
    akami (1.3.1)
      gyoku (>= 0.4.0)
      nokogiri
    american_date (1.1.1)
    api-pagination (4.7.0)
    arbre (1.1.1)
      activesupport (>= 3.0.0)
    arel (7.1.4)
    ast (2.4.0)
    awesome_nested_set (3.1.4)
      activerecord (>= 4.0.0, < 5.3)
    awesome_print (1.6.1)
    aws-sdk (2.11.8)
      aws-sdk-resources (= 2.11.8)
    aws-sdk-core (2.11.8)
      aws-sigv4 (~> 1.0)
      jmespath (~> 1.0)
    aws-sdk-resources (2.11.8)
      aws-sdk-core (= 2.11.8)
    aws-sigv4 (1.0.2)
    axiom-types (0.1.1)
      descendants_tracker (~> 0.0.4)
      ice_nine (~> 0.11.0)
      thread_safe (~> 0.3, >= 0.3.1)
    backbone-support (0.4.0)
    bcrypt (3.1.12)
    better_errors (2.1.1)
      coderay (>= 1.0.0)
      erubis (>= 2.6.6)
      rack (>= 0.9.0)
    bindata (2.4.3)
    binding.repl (3.0.0)
    binding_of_caller (0.7.2)
      debug_inspector (>= 0.0.1)
    bitly (1.1.1)
      httparty (>= 0.7.6)
      multi_json (~> 1.3)
      oauth2 (>= 0.5.0, < 2.0)
    bond (0.5.1)
    bootsnap (1.1.8)
      msgpack (~> 1.0)
    bootstrap-slider-rails (7.0.5)
      railties (>= 3.2, < 6.0)
    bootstrap-typeahead-rails (0.10.5.1)
      railties (>= 3.0)
    bourbon (3.2.4)
      sass (~> 3.2)
      thor
    braintree (2.89.0)
      builder (>= 2.0.0)
    browser (2.5.3)
    builder (3.2.3)
    bullet (4.14.10)
      activesupport (>= 3.0.0)
      uniform_notifier (~> 1.9.0)
    byebug (10.0.2)
    cancan (1.6.10)
    capistrano (3.10.0)
      airbrussh (>= 1.0.0)
      i18n
      rake (>= 10.0.0)
      sshkit (>= 1.9.0)
    capistrano-bundler (1.3.0)
      capistrano (~> 3.1)
      sshkit (~> 1.2)
    capistrano-locally (0.2.5)
      capistrano (~> 3.0)
    capistrano-rails (1.3.0)
      capistrano (~> 3.1)
      capistrano-bundler (~> 1.1)
    capistrano-rails-console (2.3.0)
      capistrano (>= 3.5.0, < 4.0.0)
      sshkit-interactive (~> 0.3.0)
    capistrano-rbenv (2.1.2)
      capistrano (~> 3.1)
      sshkit (~> 1.3)
    capistrano-shell (0.2.0)
      capistrano (~> 3.1)
    capybara (2.16.1)
      addressable
      mini_mime (>= 0.1.3)
      nokogiri (>= 1.3.3)
      rack (>= 1.0.0)
      rack-test (>= 0.5.4)
      xpath (~> 2.0)
    capybara-chromedriver-logger (0.2.1)
      capybara
      colorize
    carrierwave (1.2.2)
      activemodel (>= 4.0.0)
      activesupport (>= 4.0.0)
      mime-types (>= 1.16)
    carrierwave-base64 (2.3.5)
      carrierwave (>= 0.8.0)
    cd (1.0.1)
    certified (1.0.0)
    chartkick (1.4.1)
    childprocess (0.8.0)
      ffi (~> 1.0, >= 1.0.11)
    chronic (0.10.2)
    chronic_duration (0.10.6)
      numerizer (~> 0.1.1)
    circonus (3.6.13)
      rest-client
      ripl
      yajl-ruby
    ckeditor (4.2.0)
      cocaine
      orm_adapter (~> 0.5.0)
    climate_control (0.0.3)
      activesupport (>= 3.0)
    clipboard (1.1.1)
    cocaine (0.5.8)
      climate_control (>= 0.0.3, < 1.0)
    cocoon (1.2.6)
    code (0.9.2)
      coderay (~> 1.1)
      method_source (~> 0.9)
    coderay (1.1.2)
    coercible (1.0.0)
      descendants_tracker (~> 0.0.1)
    coffee-rails (4.2.2)
      coffee-script (>= 2.2.0)
      railties (>= 4.0.0)
    coffee-script (2.4.1)
      coffee-script-source
      execjs
    coffee-script-source (1.12.2)
    coffeelint (1.14.0)
      coffee-script
      execjs
      json
    coin (0.1.9)
    colored2 (3.1.2)
    colorize (0.8.1)
    concurrent-ruby (1.0.5)
    config (1.7.0)
      activesupport (>= 3.0)
      deep_merge (~> 1.2.1)
      dry-validation (>= 0.10.4)
    connection_pool (2.2.2)
    cookiejar (0.3.3)
    crack (0.4.3)
      safe_yaml (~> 1.0.0)
    crass (1.0.4)
    css_parser (1.6.0)
      addressable
    csv_builder (2.1.1)
      actionpack (>= 3.0.0)
    daemons (1.2.6)
    dalli (2.7.6)
    database_cleaner (1.6.2)
    ddtrace (0.15.0)
      msgpack
    debug_inspector (0.0.2)
    debugging (1.1.1)
      binding.repl (~> 3.0)
      paint (>= 0.9, < 3.0)
    deep_merge (1.2.1)
    descendants_tracker (0.0.4)
      thread_safe (~> 0.3, >= 0.3.1)
    detect_timezone_rails (0.0.5)
      railties (>= 3.1)
    devise (4.4.3)
      bcrypt (~> 3.0)
      orm_adapter (~> 0.1)
      railties (>= 4.1.0, < 6.0)
      responders
      warden (~> 1.2.3)
    devise-async (1.0.0)
      activejob (>= 5.0)
      devise (>= 4.0)
    devise_invitable (1.7.4)
      actionmailer (>= 4.1.0)
      devise (>= 4.0.0)
    diff-lcs (1.3)
    dogapi (1.29.0)
      multi_json
    domain_name (0.5.20160128)
      unf (>= 0.0.5, < 1.0.0)
    doorkeeper (4.4.1)
      railties (>= 4.2)
    draper (3.0.1)
      actionpack (~> 5.0)
      activemodel (~> 5.0)
      activemodel-serializers-xml (~> 1.0)
      activesupport (~> 5.0)
      request_store (~> 1.0)
    dry-configurable (0.7.0)
      concurrent-ruby (~> 1.0)
    dry-container (0.6.0)
      concurrent-ruby (~> 1.0)
      dry-configurable (~> 0.1, >= 0.1.3)
    dry-core (0.4.6)
      concurrent-ruby (~> 1.0)
    dry-equalizer (0.2.1)
    dry-inflector (0.1.2)
    dry-logic (0.4.2)
      dry-container (~> 0.2, >= 0.2.6)
      dry-core (~> 0.2)
      dry-equalizer (~> 0.2)
    dry-types (0.13.2)
      concurrent-ruby (~> 1.0)
      dry-container (~> 0.3)
      dry-core (~> 0.4, >= 0.4.4)
      dry-equalizer (~> 0.2)
      dry-inflector (~> 0.1, >= 0.1.2)
      dry-logic (~> 0.4, >= 0.4.2)
    dry-validation (0.12.0)
      concurrent-ruby (~> 1.0)
      dry-configurable (~> 0.1, >= 0.1.3)
      dry-core (~> 0.2, >= 0.2.1)
      dry-equalizer (~> 0.2)
      dry-logic (~> 0.4, >= 0.4.0)
      dry-types (~> 0.13.1)
    ejs (1.1.1)
    em-http-request (1.1.5)
      addressable (>= 2.3.4)
      cookiejar (!= 0.3.1)
      em-socksify (>= 0.3)
      eventmachine (>= 1.0.3)
      http_parser.rb (>= 0.6.0)
    em-socksify (0.3.1)
      eventmachine (>= 1.0.0.beta.4)
    em-synchrony (1.0.6)
      eventmachine (>= 1.0.0.beta.1)
    equalizer (0.0.11)
    erubis (2.7.0)
    ethon (0.11.0)
      ffi (>= 1.3.0)
    eventmachine (1.2.7)
    every_day_irb (2.0.0)
      cd (~> 1.0)
    excon (0.45.4)
    execjs (2.7.0)
    factory_girl (4.2.0)
      activesupport (>= 3.0.0)
    factory_girl_rails (4.2.1)
      factory_girl (~> 4.2.0)
      railties (>= 3.0.0)
    faker (1.8.7)
      i18n (>= 0.7)
    fakeredis (0.7.0)
      redis (>= 3.2, < 5.0)
    fancy_irb (1.1.0)
      paint (>= 0.9, < 3.0)
      unicode-display_width (~> 1.1)
    faraday (0.9.2)
      multipart-post (>= 1.2, < 3)
    faraday_middleware (0.11.0.1)
      faraday (>= 0.7.4, < 1.0)
    faye-websocket (0.10.0)
      eventmachine (>= 0.12.0)
      websocket-driver (>= 0.5.1)
    ffi (1.9.25)
    figaro (1.0.0)
      thor (~> 0.14)
    flamegraph (0.9.5)
    fog-aws (0.7.6)
      fog-core (~> 1.27)
      fog-json (~> 1.0)
      fog-xml (~> 0.1)
      ipaddress (~> 0.8)
    fog-core (1.32.1)
      builder
      excon (~> 0.45)
      formatador (~> 0.2)
      mime-types
      net-scp (~> 1.1)
      net-ssh (>= 2.1.3)
    fog-json (1.0.2)
      fog-core (~> 1.0)
      multi_json (~> 1.10)
    fog-xml (0.1.2)
      fog-core
      nokogiri (~> 1.5, >= 1.5.11)
    font-awesome-sass (5.2.0)
      sassc (>= 1.11)
    forecast_io (2.0.0)
      faraday
      hashie
      multi_json
    foreman (0.85.0)
      thor (~> 0.19.1)
    formatador (0.2.5)
    formtastic (3.1.5)
      actionpack (>= 3.2.13)
    formtastic_i18n (0.6.0)
    fuubar (2.3.1)
      rspec-core (~> 3.0)
      ruby-progressbar (~> 1.4)
    fuzzy_match (2.1.0)
    geocoder (1.5.0)
    geocomplete_rails (1.7.0)
      railties (>= 3.1)
    globalid (0.4.1)
      activesupport (>= 4.2.0)
    gmaps4rails (2.1.2)
    google_places (0.32.0)
      httparty (~> 0.13.1)
    grape (1.1.0)
      activesupport
      builder
      mustermann-grape (~> 1.0.0)
      rack (>= 1.3.0)
      rack-accept
      virtus (>= 1.0.0)
    grape-entity (0.5.1)
      activesupport
      multi_json (>= 1.3.2)
    grape-swagger-entity (0.1.4)
      grape-entity
      grape-swagger (>= 0.20.4)
    grape-swagger-rails (0.3.0)
      railties (>= 3.2.12)
    griddler (1.4.0)
      htmlentities
      rails (>= 3.2.0)
    griddler-sendgrid (1.0.1)
      griddler
    groupdate (2.5.0)
      activesupport (>= 3)
    gyoku (1.3.1)
      builder (>= 2.1.2)
    haml (4.0.7)
      tilt
    haml-rails (1.0.0)
      actionpack (>= 4.0.1)
      activesupport (>= 4.0.1)
      haml (>= 4.0.6, < 6.0)
      html2haml (>= 1.0.1)
      railties (>= 4.0.1)
    haml_assets (0.2.2)
      haml
      tilt
    has_scope (0.7.1)
      actionpack (>= 4.1, < 5.2)
      activesupport (>= 4.1, < 5.2)
    has_secure_token (1.0.0)
      activerecord (>= 3.0)
    hashdiff (0.2.3)
    hashery (2.1.2)
    hashids (1.0.4)
    hashie (3.6.0)
    hashie-forbidden_attributes (0.1.1)
      hashie (>= 3.0)
    heap (1.0.2)
      faraday (>= 0.8.11)
      faraday_middleware (>= 0.8.0)
    heroku-api (0.3.23)
      excon (~> 0.44)
      multi_json (~> 1.8)
    highcharts-rails (4.0.4.1)
      railties (>= 3.1)
    highline (1.7.10)
    hirb (0.7.3)
    hiredis (0.6.1)
    hogan_assets (1.6.0)
      execjs (>= 1.2.9)
      sprockets (>= 2.0.3)
      tilt (>= 1.3.3)
    html2haml (2.2.0)
      erubis (~> 2.7.0)
      haml (>= 4.0, < 6)
      nokogiri (>= 1.6.0)
      ruby_parser (~> 3.5)
    htmlentities (4.3.4)
    http-cookie (1.0.2)
      domain_name (~> 0.5)
    http_parser.rb (0.6.0)
    httparty (0.13.7)
      json (~> 1.8)
      multi_xml (>= 0.5.2)
    httpi (2.4.2)
      rack
      socksify
    i18n (0.9.5)
      concurrent-ruby (~> 1.0)
    i18n-js (3.0.4)
      i18n (~> 0.6, >= 0.6.6)
    ice_nine (0.11.2)
    indefinite_article (0.2.4)
      activesupport
    inflection (1.0.0)
    inherited_resources (1.8.0)
      actionpack (>= 4.2, <= 5.2)
      has_scope (~> 0.6)
      railties (>= 4.2, <= 5.2)
      responders
    instance (0.2.0)
    interactive_editor (0.0.11)
      spoon (>= 0.0.1)
    intercom (3.5.23)
      json (>= 1.8)
    intercom-rails (0.3.8)
      activesupport (> 3.0)
    ipaddress (0.8.0)
    irbtools (2.2.0)
      binding.repl (~> 3.0)
      clipboard (~> 1.1)
      code (~> 0.9)
      coderay (~> 1.1)
      debugging (~> 1.1)
      every_day_irb (~> 2.0)
      fancy_irb (~> 1.1)
      hirb (~> 0.7, >= 0.7.3)
      instance (~> 0.2)
      interactive_editor (~> 0.0, >= 0.0.10)
      method_locator (~> 0.0, >= 0.0.4)
      methodfinder (~> 2.0)
      ori (~> 0.1.0)
      os (~> 1.0)
      paint (>= 0.9, < 3.0)
      ruby_engine (~> 1.0)
      ruby_info (~> 1.0)
      ruby_version (~> 1.0)
      wirb (~> 2.0)
    jasmine (2.99.0)
      jasmine-core (>= 2.99.0, < 3.0.0)
      phantomjs
      rack (>= 1.2.1)
      rake
    jasmine-core (2.99.2)
    jbuilder (2.6.4)
      activesupport (>= 3.0.0)
      multi_json (>= 1.2)
    jmespath (1.3.1)
    jquery-rails (4.3.1)
      rails-dom-testing (>= 1, < 3)
      railties (>= 4.2.0)
      thor (>= 0.14, < 2.0)
    jquery-ui-rails (4.2.1)
      railties (>= 3.2.16)
    json (1.8.6)
    json-jwt (1.9.4)
      activesupport
      aes_key_wrap
      bindata
    just-datetime-picker (0.0.6)
      activeadmin (>= 0.4.4)
      formtastic (>= 2.0.0)
    jwt (1.5.6)
    kaminari (1.1.1)
      activesupport (>= 4.1.0)
      kaminari-actionview (= 1.1.1)
      kaminari-activerecord (= 1.1.1)
      kaminari-core (= 1.1.1)
    kaminari-actionview (1.1.1)
      actionview
      kaminari-core (= 1.1.1)
    kaminari-activerecord (1.1.1)
      activerecord
      kaminari-core (= 1.1.1)
    kaminari-core (1.1.1)
    knapsack_pro (0.50.1)
      rake
    kramdown (1.16.2)
    launchy (2.4.3)
      addressable (~> 2.3)
    levenshtein-ffi (1.1.0)
      ffi (~> 1.9)
    libv8 (3.16.14.19)
    loofah (2.2.2)
      crass (~> 1.0.2)
      nokogiri (>= 1.5.9)
    mail (2.7.0)
      mini_mime (>= 0.1.1)
    mail_view (2.0.4)
      tilt
    makara (0.4.0)
      activerecord (>= 3.0.0)
    mandrill-api (1.0.53)
      excon (>= 0.16.0, < 1.0)
      json (>= 1.7.7, < 2.0)
    memory_profiler (0.9.10)
    method_locator (0.0.4)
    method_source (0.9.0)
    methodfinder (2.1.1)
    mime-types (2.99.3)
    mini_magick (4.3.6)
    mini_mime (1.0.0)
    mini_portile2 (2.3.0)
    minitest (5.11.3)
    msgpack (1.2.4)
    multi_json (1.13.1)
    multi_xml (0.6.0)
    multipart-post (2.0.0)
    mustache (1.0.5)
    mustermann (1.0.3)
    mustermann-grape (1.0.0)
      mustermann (~> 1.0.0)
    nagios-plugin (0.0.1)
    net-scp (1.2.1)
      net-ssh (>= 2.6.5)
    net-ssh (3.0.1)
    net-ssh-gateway (1.2.0)
      net-ssh (>= 2.6.5)
    net-ssh-multi (1.2.1)
      net-ssh (>= 2.6.5)
      net-ssh-gateway (>= 1.2.0)
    netrc (0.11.0)
    newrelic_rpm (5.4.0.347)
    nio4r (2.3.1)
    nokogiri (1.8.4)
      mini_portile2 (~> 2.3.0)
    nokogumbo (1.5.0)
      nokogiri
    nori (2.6.0)
    numerizer (0.1.1)
    oauth (0.4.7)
    oauth2 (1.4.0)
      faraday (>= 0.8, < 0.13)
      jwt (~> 1.0)
      multi_json (~> 1.3)
      multi_xml (~> 0.5)
      rack (>= 1.2, < 3)
    oj (3.3.9)
    omniauth (1.3.2)
      hashie (>= 1.2, < 4)
      rack (>= 1.0, < 3)
    omniauth-clover (0.0.1)
      omniauth-oauth2 (~> 1.1)
    omniauth-facebook (1.6.0)
      omniauth-oauth2 (~> 1.1)
    omniauth-google-oauth2 (0.2.8)
      addressable (~> 2.3)
      jwt (~> 1.0)
      multi_json (~> 1.3)
      omniauth (>= 1.1.1)
      omniauth-oauth2 (>= 1.1.1)
    omniauth-oauth2 (1.2.0)
      faraday (>= 0.8, < 0.10)
      multi_json (~> 1.3)
      oauth2 (~> 1.0)
      omniauth (~> 1.2)
    omniauth-openid (1.0.1)
      omniauth (~> 1.0)
      rack-openid (~> 1.3.1)
    ori (0.1.0)
    orm_adapter (0.5.0)
    os (1.0.0)
    paint (2.0.1)
    paper_trail (4.1.0)
      activerecord (>= 3.0, < 6.0)
      activesupport (>= 3.0, < 6.0)
      request_store (~> 1.1)
    parallel (1.12.1)
    parser (2.5.0.2)
      ast (~> 2.4.0)
    pdf-core (0.6.1)
    pdf-inspector (1.3.0)
      pdf-reader (>= 1.0, < 3.0.a)
    pdf-reader (2.1.0)
      Ascii85 (~> 1.0.0)
      afm (~> 0.2.1)
      hashery (~> 2.0)
      ruby-rc4
      ttfunk
    pg (0.21.0)
    pg_search (2.1.2)
      activerecord (>= 4.2)
      activesupport (>= 4.2)
      arel (>= 6)
    phantomjs (2.1.1.0)
    plivo (4.0.0.beta.2)
      faraday (~> 0.9)
      faraday_middleware (~> 0.11.0.1)
      htmlentities
    polyamorous (1.3.3)
      activerecord (>= 3.0)
    postcodes_io (0.2.0)
      excon (~> 0.39)
    power_assert (0.2.6)
    powerpack (0.1.1)
    prawn (2.1.0)
      pdf-core (~> 0.6.1)
      ttfunk (~> 1.4.0)
    prawn-table (0.2.2)
      prawn (>= 1.3.0, < 3.0.0)
    prawn_rails (0.0.11)
      prawn (>= 0.11.1)
      railties (>= 3.0.0)
    protected_attributes_continued (1.3.0)
      activemodel (~> 5.0)
    pry (0.11.3)
      coderay (~> 1.1.0)
      method_source (~> 0.9.0)
    pry-byebug (3.6.0)
      byebug (~> 10.0)
      pry (~> 0.10)
    pry-doc (0.13.4)
      pry (~> 0.11)
      yard (~> 0.9.11)
    pry-rails (0.3.6)
      pry (>= 0.10.4)
    public_suffix (3.0.2)
    puma (3.11.4)
    rabl (0.13.1)
      activesupport (>= 2.3.14)
    rack (2.0.5)
    rack-accept (0.4.5)
      rack (>= 0.4)
    rack-attack (4.3.0)
      rack
    rack-cors (0.4.1)
    rack-mini-profiler (0.10.7)
      rack (>= 1.2.0)
    rack-openid (1.3.1)
      rack (>= 1.1.0)
      ruby-openid (>= 2.1.8)
    rack-protection (2.0.3)
      rack
    rack-test (0.6.3)
      rack (>= 1.0)
    rack-timeout (0.4.2)
    rack_session_access (0.1.1)
      builder (>= 2.0.0)
      rack (>= 1.0.0)
    rails (5.0.7)
      actioncable (= 5.0.7)
      actionmailer (= 5.0.7)
      actionpack (= 5.0.7)
      actionview (= 5.0.7)
      activejob (= 5.0.7)
      activemodel (= 5.0.7)
      activerecord (= 5.0.7)
      activesupport (= 5.0.7)
      bundler (>= 1.3.0)
      railties (= 5.0.7)
      sprockets-rails (>= 2.0.0)
    rails-backbone (1.2.0)
      coffee-rails
      ejs
      jquery-rails
      railties
    rails-controller-testing (1.0.2)
      actionpack (~> 5.x, >= 5.0.1)
      actionview (~> 5.x, >= 5.0.1)
      activesupport (~> 5.x)
    rails-dom-testing (2.0.3)
      activesupport (>= 4.2.0)
      nokogiri (>= 1.6)
    rails-html-sanitizer (1.0.4)
      loofah (~> 2.2, >= 2.2.2)
    rails-observers (0.1.5)
      activemodel (>= 4.0)
    railties (5.0.7)
      actionpack (= 5.0.7)
      activesupport (= 5.0.7)
      method_source
      rake (>= 0.8.7)
      thor (>= 0.18.1, < 2.0)
    rainbow (3.0.0)
    rake (12.3.1)
    ransack (1.8.4)
      actionpack (>= 3.0)
      activerecord (>= 3.0)
      activesupport (>= 3.0)
      i18n
      polyamorous (~> 1.3)
    rb-fsevent (0.10.2)
    rb-inotify (0.9.10)
      ffi (>= 0.5.0, < 2)
    rb-readline (0.5.5)
    redcarpet (3.3.4)
    redis (3.3.5)
    redis-namespace (1.6.0)
      redis (>= 3.0.4)
    redis-objects (1.3.1)
      redis (~> 3.3)
    redis-semaphore (0.3.1)
      redis
    ref (2.0.0)
    register (0.5.5)
    request-log-analyzer (1.13.4)
    request_store (1.4.1)
      rack (>= 1.4)
    responders (2.4.0)
      actionpack (>= 4.2.0, < 5.3)
      railties (>= 4.2.0, < 5.3)
    rest-client (1.8.0)
      http-cookie (>= 1.0.2, < 2.0)
      mime-types (>= 1.16, < 3.0)
      netrc (~> 0.7)
    ripl (0.7.1)
      bond (~> 0.5.1)
    roadie (3.4.0)
      css_parser (~> 1.4)
      nokogiri (~> 1.5)
    roadie-rails (1.3.0)
      railties (>= 3.0, < 5.3)
      roadie (~> 3.1)
    rollout (2.4.3)
    rouge (2.0.6)
    roxml (4.0.0)
      activesupport (>= 4.0)
      nokogiri (>= 1.3.3)
    rspec (3.7.0)
      rspec-core (~> 3.7.0)
      rspec-expectations (~> 3.7.0)
      rspec-mocks (~> 3.7.0)
    rspec-core (3.7.1)
      rspec-support (~> 3.7.0)
    rspec-expectations (3.7.0)
      diff-lcs (>= 1.2.0, < 2.0)
      rspec-support (~> 3.7.0)
    rspec-its (1.2.0)
      rspec-core (>= 3.0.0)
      rspec-expectations (>= 3.0.0)
    rspec-mocks (3.7.0)
      diff-lcs (>= 1.2.0, < 2.0)
      rspec-support (~> 3.7.0)
    rspec-rails (3.7.2)
      actionpack (>= 3.0)
      activesupport (>= 3.0)
      railties (>= 3.0)
      rspec-core (~> 3.7.0)
      rspec-expectations (~> 3.7.0)
      rspec-mocks (~> 3.7.0)
      rspec-support (~> 3.7.0)
    rspec-support (3.7.1)
    rspec_api_documentation (5.1.0)
      activesupport (>= 3.0.0)
      mustache (~> 1.0, >= 0.99.4)
      rspec (~> 3.0)
    rspec_junit_formatter (0.2.3)
      builder (< 4)
      rspec-core (>= 2, < 4, != 2.12.0)
    rubocop (0.52.1)
      parallel (~> 1.10)
      parser (>= 2.4.0.2, < 3.0)
      powerpack (~> 0.1)
      rainbow (>= 2.2.2, < 4.0)
      ruby-progressbar (~> 1.7)
      unicode-display_width (~> 1.0, >= 1.0.1)
    ruby-openid (2.7.0)
    ruby-progressbar (1.9.0)
    ruby-rc4 (0.1.5)
    ruby_engine (1.0.1)
    ruby_http_client (3.0.0)
    ruby_info (1.0.1)
    ruby_parser (3.11.0)
      sexp_processor (~> 4.9)
    ruby_version (1.0.1)
    rubyzip (1.2.2)
    safe_yaml (1.0.4)
    sanitize (4.6.4)
      crass (~> 1.0.2)
      nokogiri (>= 1.4.4)
      nokogumbo (~> 1.4)
    sanitize-rails (1.2.0)
      rails
      sanitize
    sass (3.5.5)
      sass-listen (~> 4.0.0)
    sass-listen (4.0.0)
      rb-fsevent (~> 0.9, >= 0.9.4)
      rb-inotify (~> 0.9, >= 0.9.7)
    sass-rails (5.0.7)
      railties (>= 4.0.0, < 6)
      sass (~> 3.1)
      sprockets (>= 2.8, < 4.0)
      sprockets-rails (>= 2.0, < 4.0)
      tilt (>= 1.1, < 3)
    sassc (1.11.4)
      bundler
      ffi (~> 1.9.6)
      sass (>= 3.3.0)
    sassc-rails (1.3.0)
      railties (>= 4.0.0)
      sass
      sassc (~> 1.9)
      sprockets (> 2.11)
      sprockets-rails
      tilt
    savon (2.11.1)
      akami (~> 1.2)
      builder (>= 2.1.2)
      gyoku (~> 1.2)
      httpi (~> 2.3)
      nokogiri (>= 1.4.0)
      nori (~> 2.4)
      wasabi (~> 3.4)
    selenium-webdriver (3.9.0)
      childprocess (~> 0.5)
      rubyzip (~> 1.2)
    sendgrid-ruby (4.0.6)
      ruby_http_client (~> 3.0.0)
    sentry-raven (2.7.4)
      faraday (>= 0.7.6, < 1.0)
    sexp_processor (4.11.0)
    shoulda-matchers (3.1.2)
      activesupport (>= 4.0.0)
    sidekiq (5.1.3)
      concurrent-ruby (~> 1.0)
      connection_pool (~> 2.2, >= 2.2.0)
      rack-protection (>= 1.5.0)
      redis (>= 3.3.5, < 5)
    sidekiq-pool (1.7.3)
      sidekiq (>= 3.0, < 6.0)
    sidekiq-status (1.0.1)
      chronic_duration
      sidekiq (>= 3.0)
    sidekiq-unique-jobs (5.0.10)
      sidekiq (>= 4.0, <= 6.0)
      thor (~> 0)
    simple_enum (2.3.0)
      activesupport (>= 4.0.0)
    simple_form (3.5.1)
      actionpack (> 4, < 5.2)
      activemodel (> 4, < 5.2)
    sinatra (2.0.3)
      mustermann (~> 1.0)
      rack (~> 2.0)
      rack-protection (= 2.0.3)
      tilt (~> 2.0)
    sinon-rails (1.15.0)
      railties (>= 3.1)
    slop (4.6.1)
    smarter_csv (1.1.0)
    socksify (1.7.0)
    spoon (0.0.6)
      ffi
    sprite-factory (1.7.1)
    sprockets (3.7.2)
      concurrent-ruby (~> 1.0)
      rack (> 1, < 3)
    sprockets-rails (2.3.3)
      actionpack (>= 3.0)
      activesupport (>= 3.0)
      sprockets (>= 2.8, < 4.0)
    sshkit (1.15.0)
      net-scp (>= 1.1.2)
      net-ssh (>= 2.8.0)
    sshkit-interactive (0.3.0)
      sshkit (~> 1.12)
    staccato (0.5.1)
    stackprof (0.2.11)
    state_machines (0.5.0)
    state_machines-activemodel (0.5.0)
      activemodel (>= 4.1, < 5.2)
      state_machines (>= 0.5.0)
    state_machines-activemodel-observers (0.1.1)
      rails-observers
      state_machines-activemodel (>= 0.5.0)
    statsd-instrument (2.0.12)
    sym (2.8.2)
      activesupport
      coin (~> 0.1.8)
      colored2 (~> 3)
      dalli (~> 2.7)
      highline (~> 1.7)
      slop (~> 4.3)
    test-unit (3.1.5)
      power_assert
    therubyracer (0.12.3)
      libv8 (~> 3.16.14.15)
      ref
    thin (1.7.2)
      daemons (~> 1.0, >= 1.0.9)
      eventmachine (~> 1.0, >= 1.0.4)
      rack (>= 1, < 3)
    thor (0.19.4)
    thread_safe (0.3.6)
    tilt (2.0.8)
    timecop (0.9.1)
    ttfunk (1.4.0)
    turbo-sprockets-rails4 (1.2.5)
      parallel (~> 1.0)
      railties (>= 4)
      sprockets (~> 3.0)
    twilio-ruby (3.11.6)
      builder (>= 2.1.2)
      jwt (>= 0.1.2)
      multi_json (>= 1.3.0)
    twilio-test-toolkit (3.4.0)
      capybara
      uuidtools
    twitter-bootstrap-rails (2.2.8)
      actionpack (>= 3.1)
      execjs
      rails (>= 3.1)
      railties (>= 3.1)
    typhoeus (1.3.0)
      ethon (>= 0.9.0)
    tzinfo (1.2.5)
      thread_safe (~> 0.1)
    tzinfo-data (1.2018.3)
      tzinfo (>= 1.0.0)
    tzip (0.0.4)
      activesupport (>= 2.3)
    uglifier (2.7.2)
      execjs (>= 0.3.0)
      json (>= 1.8.0)
    unf (0.1.4)
      unf_ext
    unf_ext (0.0.7.2)
    unicode-display_width (1.3.0)
    uniform_notifier (1.9.0)
    urbanairship (2.3.3)
      json
    uuidtools (2.1.5)
    vcr (3.0.3)
    virtus (1.0.5)
      axiom-types (~> 0.1)
      coercible (~> 1.0)
      descendants_tracker (~> 0.0, >= 0.0.3)
      equalizer (~> 0.0, >= 0.0.9)
    warden (1.2.7)
      rack (>= 1.0)
    wasabi (3.5.0)
      httpi (~> 2.0)
      nokogiri (>= 1.4.2)
    watchr (0.7)
    webmock (2.3.1)
      addressable (>= 2.3.6)
      crack (>= 0.3.2)
      hashdiff
    websocket-driver (0.6.5)
      websocket-extensions (>= 0.1.0)
    websocket-extensions (0.1.3)
    whenever (0.10.0)
      chronic (>= 0.6.3)
    whenever-test (1.0.1)
      whenever
    wicked_pdf (1.1.0)
    wirb (2.1.2)
      paint (>= 0.9, < 3.0)
    wkhtmltopdf-binary (0.12.3.1)
    xpath (2.1.0)
      nokogiri (~> 1.3)
    yajl-ruby (1.3.1)
    yard (0.9.16)
    zendesk_api (1.14.2)
      faraday (~> 0.9)
      hashie (>= 1.2, < 4.0, != 3.3.0)
      inflection
      mime-types
      multipart-post (~> 2.0)
    zip-codes (0.2.1)

PLATFORMS
  ruby

DEPENDENCIES
  actionpack-action_caching
  active_record_query_trace
  activeadmin (= 1.0.0)
  activemodel-serializers-xml
  acts_as_commentable_with_threading
  acts_as_list!
  adp-connection
  american_date
  api-pagination
  apitome!
  awesome_print
  aws-sdk (~> 2.0)
  backbone-support (= 0.4.0)
  better_errors
  binding_of_caller
  birthday!
  bitly
  bootsnap
  bootstrap-slider-rails (~> 7.0.5)
  bootstrap-typeahead-rails
  bourbon (= 3.2.4)
  braintree-rails!
  browser
  bullet
  cancan
  capistrano (~> 3.6)
  capistrano-bundler (~> 1.3)
  capistrano-locally
  capistrano-rails (~> 1.3)
  capistrano-rails-console
  capistrano-rbenv (~> 2.1)
  capistrano-shell
  capybara
  capybara-chromedriver-logger
  carrierwave (~> 1.0)
  carrierwave-base64
  certified
  chartkick
  chronic
  circonus
  ckeditor
  cocoon
  coffee-rails (~> 4.2.0)
  coffeelint
  colored2
  config
  csv_builder
  dalli
  database_cleaner
  ddtrace
  detect_timezone_rails
  devise
  devise-async
  devise_invitable
  devise_security_extension!
  dogapi (>= 1.29.0)
  doorkeeper (~> 4.4.0)
  draper (~> 3.0)
  em-http-request
  event-calendar!
  execjs (~> 2.5)
  facebook-account-kit!
  factory_girl_rails (= 4.2.1)
  faker (~> 1.8.7)
  fakeredis (~> 0.7)
  faraday
  faraday_middleware
  faye-websocket (= 0.10.0)
  ffi (~> 1.9.24)
  figaro (= 1.0.0)
  flamegraph
  fog-aws
  font-awesome-sass (~> 5.2.0)
  forecast_io (~> 2.0.0)
  foreman
  fuubar
  fuzzy_match
  geocoder
  geocomplete_rails
  gmaps4rails
  google_places
  grape (~> 1.1.0)
  grape-entity
  grape-swagger!
  grape-swagger-entity
  grape-swagger-rails
  griddler
  griddler-sendgrid
  groupdate
  haml (= 4.0.7)
  haml-rails (~> 1.0.0)
  haml_assets
  has_secure_token
  hashdiff
  hashids
  hashie
  hashie-forbidden_attributes
  heap (~> 1.0)
  heroku-api (~> 0.3.19)
  highcharts-rails (~> 4.0.0)
  hiredis
  hogan_assets
  i18n-js (>= 3.0.4)
  indefinite_article
  inherited_resources
  intercom
  intercom-rails
  irbtools
  jasmine (~> 2.99)
  jbuilder
  jquery-rails (= 4.3.1)
  jquery-ui-rails (= 4.2.1)
  json-jwt (~> 1.9.4)
  just-datetime-picker
  kaminari
  keeper!
  knapsack_pro
  launchy
  levenshtein-ffi
  mail_view (~> 2.0.4)
  makara
  mandrill-api
  memory_profiler
  mini_magick
  minitest
  nagios-plugin
  net-ssh-multi
  newrelic_rpm
  nokogiri (~> 1.8.2)
  oj (~> 3.3.9)
  omniauth (~> 1.3.2)
  omniauth-clover
  omniauth-facebook
  omniauth-google-oauth2
  omniauth-openid
  omniauth-square (~> 1.0.5)!
  paper_trail
  pdf-inspector
  pg (= 0.21.0)
  pg_search
  plivo (>= 4.0.0.beta.2)
  pos!
  pos-breadcrumb!
  pos-carbon!
  pos-clover!
  pos-lightspeed-restaurant!
  pos-lightspeed-retail!
  pos-pay-anywhere!
  pos-poynt!
  pos-revel!
  pos-square!
  pos-talech!
  pos-toast!
  postcodes_io
  prawn-table
  prawn_rails
  protected_attributes_continued
  pry-byebug
  pry-doc
  pry-rails
  puma (= 3.11.4)
  quickbooks-ruby (= 0.6.1)!
  rabl
  rack-attack
  rack-cors (~> 0.4.1)
  rack-mini-profiler
  rack-timeout
  rack_session_access
  rails (~> 5.0.0)
  rails-backbone (= 1.2.0)
  rails-controller-testing
  rails-observers (~> 0.1.5)
  rails_backbone_moment!
  rails_backbone_relation!
  ransack (= 1.8.4)
  rb-readline (= 0.5.5)
  redcarpet
  redis
  redis-namespace
  redis-objects
  redis-semaphore
  register
  request-log-analyzer
  roadie-rails
  rollout
  rouge
  rspec-its
  rspec-rails (= 3.7.2)
  rspec_api_documentation
  rspec_junit_formatter
  rubocop
  ruby-progressbar
  rubyzip (~> 1.2.2)
  sanitize-rails
  sassc-rails
  savon (~> 2.11.0)
  selenium-webdriver (= 3.9.0)
  sendgrid-ruby
  sentry-raven
  shoulda-matchers (= 3.1.2)
  sidekiq
  sidekiq-pool (= 1.7.3)
  sidekiq-pro (= 4.0.3)!
  sidekiq-status
  sidekiq-unique-jobs
  simple_enum
  simple_form (~> 3.5.0)
  sinatra (~> 2.0.0)
  sinon-rails
  smarter_csv
  sms-spec!
  sprite-factory
  sprockets (= 3.7.2)
  sprockets-rails (= 2.3.3)
  staccato
  stackprof
  state_machines-activemodel-observers
  state_machines-activerecord!
  statsd-instrument
  sym
  test-unit
  therubyracer (~> 0.12.3)
  thin
  timecop (= 0.9.1)
  turbo-sprockets-rails4
  twilio-ruby (~> 3.11.1)
  twilio-test-toolkit (~> 3.4.0)
  twitter-bootstrap-rails
  tzinfo-data
  tzip
  uglifier (>= 1.0.3)
  urbanairship (~> 2.3.3)
  vcr (= 3.0.3)
  watchr
  webmock (= 2.3.1)
  websocket-rails!
  whenever
  whenever-test
  wicked_pdf
  wkhtmltopdf-binary
  yajl-ruby (~> 1.3.1)
  yard
  zendesk_api
  zip-codes

RUBY VERSION
   ruby 2.4.3p205

BUNDLED WITH
   1.16.4
