GEM
  remote: https://rubygems.org/
  specs:
    register (0.5.5)

PLATFORMS
  ruby

DEPENDENCIES
  register (= 0.5.5)

BUNDLED WITH
   2.0.1
